GEM
  remote: https://rubygems.org/
  specs:
    backports (3.11.1)
    byebug (10.0.0)
    coderay (1.1.2)
    method_source (0.9.0)
    multi_json (1.13.1)
    mustermann (1.0.3)
    pry (0.11.3)
      coderay (~> 1.1.0)
      method_source (~> 0.9.0)
    pry-byebug (3.6.0)
      byebug (~> 10.0)
      pry (~> 0.10)
    puma (3.11.3)
    rack (2.0.6)
    rack-protection (2.0.1)
      rack
    rack-test (0.8.3)
      rack (>= 1.0, < 3)
    racksh (1.0.0)
      rack (>= 1.0)
      rack-test (>= 0.5)
    sinatra (2.0.1)
      mustermann (~> 1.0)
      rack (~> 2.0)
      rack-protection (= 2.0.1)
      tilt (~> 2.0)
    sinatra-contrib (2.0.1)
      backports (>= 2.0)
      multi_json
      mustermann (~> 1.0)
      rack-protection (= 2.0.1)
      sinatra (= 2.0.1)
      tilt (>= 1.3, < 3)
    tilt (2.0.9)

PLATFORMS
  ruby

DEPENDENCIES
  pry
  pry-byebug
  puma
  racksh
  sinatra
  sinatra-contrib

RUBY VERSION
   ruby 2.4.5p335

BUNDLED WITH
   1.17.3
